GEM
  remote: http://rubygems.org/
  specs:
    coderay (1.1.2)
    method_source (0.9.0)
    pry (0.11.3)
      coderay (~> 1.1.0)
      method_source (~> 0.9.0)
    rugged (0.27.2)

PLATFORMS
  ruby

DEPENDENCIES
  pry
  rugged

BUNDLED WITH
   1.16.2
